GEM
  remote: https://rubygems.org/
  specs:
    mini_portile2 (2.0.0)
    nokogiri (1.6.7.2)
      mini_portile2 (~> 2.0.0.rc2)
    require_all (1.3.3)

PLATFORMS
  ruby

DEPENDENCIES
  nokogiri
  require_all

BUNDLED WITH
   1.11.2
